GEM
  remote: https://rubygems.org/
  specs:
    date (3.2.2)
    mini_portile2 (2.6.1)
    nokogiri (1.12.5)
      mini_portile2 (~> 2.6.1)
      racc (~> 1.4)
    open-uri (0.2.0)
      stringio
      time
      uri
    racc (1.6.0)
    stringio (3.0.2)
    time (0.2.0)
      date
    uri (0.11.0)

PLATFORMS
  ruby

DEPENDENCIES
  nokogiri
  open-uri

RUBY VERSION
   ruby 2.5.8p224

BUNDLED WITH
   1.17.3
